GEM
  remote: https://rubygems.org/
  specs:
    fastri (0.3.1.1)
    rcodetools (0.8.5.0)

PLATFORMS
  ruby

DEPENDENCIES
  fastri!
  rcodetools!

BUNDLED WITH
   1.16.1
